GEM
  remote: https://rubygems.org/
  specs:
    addressable (2.4.0)
    agent (0.11.0)
    coderay (1.1.1)
    crack (0.4.3)
      safe_yaml (~> 1.0.0)
    diff-lcs (1.2.5)
    docile (1.1.5)
    hashdiff (0.3.0)
    json (1.8.3)
    link_header (0.0.8)
    marc (1.0.0)
      scrub_rb (>= 1.0.1, < 2)
      unf
    method_source (0.8.2)
    minitest (5.8.4)
    power_assert (0.2.7)
    pry (0.10.3)
      coderay (~> 1.1.0)
      method_source (~> 0.8.1)
      slop (~> 3.4)
    rack (1.6.4)
    rack-test (0.6.3)
      rack (>= 1.0)
    rake (10.4.2)
    rdf (1.1.17.1)
      link_header (~> 0.0, >= 0.0.8)
    rdf-spec (1.1.13)
      rdf (~> 1.1)
      rspec (~> 3.0)
      rspec-its (~> 1.0)
      webmock (~> 1.17)
    rspec (3.4.0)
      rspec-core (~> 3.4.0)
      rspec-expectations (~> 3.4.0)
      rspec-mocks (~> 3.4.0)
    rspec-core (3.4.4)
      rspec-support (~> 3.4.0)
    rspec-expectations (3.4.0)
      diff-lcs (>= 1.2.0, < 2.0)
      rspec-support (~> 3.4.0)
    rspec-its (1.2.0)
      rspec-core (>= 3.0.0)
      rspec-expectations (>= 3.0.0)
    rspec-mocks (3.4.1)
      diff-lcs (>= 1.2.0, < 2.0)
      rspec-support (~> 3.4.0)
    rspec-support (3.4.1)
    safe_yaml (1.0.4)
    scrub_rb (1.0.1)
    simplecov (0.11.2)
      docile (~> 1.1.0)
      json (~> 1.8)
      simplecov-html (~> 0.10.0)
    simplecov-html (0.10.0)
    slop (3.6.0)
    test-unit (3.1.8)
      power_assert
    unf (0.1.4)
      unf_ext
    unf_ext (0.0.7.2)
    webmock (1.24.2)
      addressable (>= 2.3.6)
      crack (>= 0.3.2)
      hashdiff

PLATFORMS
  ruby

DEPENDENCIES
  agent
  marc (~> 1.0.0)
  minitest
  pry
  rack-test
  rake (~> 10.4.2)
  rdf (~> 1.1.17)
  rdf-spec
  rspec
  simplecov
  test-unit
  webmock

BUNDLED WITH
   1.11.2
